PATH
  remote: .
  specs:
    redpotion_alert (0.1)
      ruby_motion_query (>= 0.8.0)

GEM
  remote: https://rubygems.org/
  specs:
    rake (10.4.2)
    ruby_motion_query (1.2.0)

PLATFORMS
  ruby

DEPENDENCIES
  rake
  redpotion_alert!
